PATH
  remote: .
  specs:
    robot (0.2.0)

GEM
  remote: http://rubygems.org/
  remote: http://gems.izea.com/
  specs:

PLATFORMS
  ruby

DEPENDENCIES
  robot!
